PATH
  remote: .
  specs:
    s3_multipart (0.0.10.6)
      aws-sdk (~> 2)
      uuid (>= 2.3.6)
      xml-simple (>= 1.1.2)

GEM
  remote: https://rubygems.org/
  specs:
    actionmailer (3.2.13)
      actionpack (= 3.2.13)
      mail (~> 2.5.3)
    actionpack (3.2.13)
      activemodel (= 3.2.13)
      activesupport (= 3.2.13)
      builder (~> 3.0.0)
      erubis (~> 2.7.0)
      journey (~> 1.0.4)
      rack (~> 1.4.5)
      rack-cache (~> 1.2)
      rack-test (~> 0.6.1)
      sprockets (~> 2.2.1)
    activemodel (3.2.13)
      activesupport (= 3.2.13)
      builder (~> 3.0.0)
    activerecord (3.2.13)
      activemodel (= 3.2.13)
      activesupport (= 3.2.13)
      arel (~> 3.0.2)
      tzinfo (~> 0.3.29)
    activeresource (3.2.13)
      activemodel (= 3.2.13)
      activesupport (= 3.2.13)
    activesupport (3.2.13)
      i18n (= 0.6.1)
      multi_json (~> 1.0)
    addressable (2.5.0)
      public_suffix (~> 2.0, >= 2.0.2)
    arel (3.0.3)
    aws-sdk (2.6.32)
      aws-sdk-resources (= 2.6.32)
    aws-sdk-core (2.6.32)
      aws-sigv4 (~> 1.0)
      jmespath (~> 1.0)
    aws-sdk-resources (2.6.32)
      aws-sdk-core (= 2.6.32)
    aws-sigv4 (1.0.0)
    builder (3.0.4)
    capybara (2.11.0)
      addressable
      mime-types (>= 1.16)
      nokogiri (>= 1.3.3)
      rack (>= 1.0.0)
      rack-test (>= 0.5.4)
      xpath (~> 2.0)
    chunky_png (1.3.8)
    coffee-rails (3.2.1)
      coffee-script (>= 2.2.0)
      railties (~> 3.2.0.beta)
    coffee-script (2.4.1)
      coffee-script-source
      execjs
    coffee-script-source (1.11.1)
    combustion (0.3.3)
      rails (>= 3.0.0)
      thor (>= 0.14.6)
    compass (1.0.3)
      chunky_png (~> 1.2)
      compass-core (~> 1.0.2)
      compass-import-once (~> 1.0.5)
      rb-fsevent (>= 0.9.3)
      rb-inotify (>= 0.9)
      sass (>= 3.3.13, < 3.5)
    compass-core (1.0.3)
      multi_json (~> 1.0)
      sass (>= 3.3.0, < 3.5)
    compass-import-once (1.0.5)
      sass (>= 3.2, < 3.5)
    compass-rails (3.0.2)
      compass (~> 1.0.0)
      sass-rails (< 5.1)
      sprockets (< 4.0)
    diff-lcs (1.2.5)
    erubis (2.7.0)
    execjs (2.7.0)
    ffi (1.9.14)
    hike (1.2.3)
    i18n (0.6.1)
    jmespath (1.3.1)
    journey (1.0.4)
    jquery-ui-rails (4.1.2)
      railties (>= 3.1.0)
    json (1.8.3)
    macaddr (1.7.1)
      systemu (~> 2.6.2)
    mail (2.5.4)
      mime-types (~> 1.16)
      treetop (~> 1.4.8)
    mime-types (1.25.1)
    mini_portile2 (2.1.0)
    multi_json (1.12.1)
    nokogiri (1.6.8.1)
      mini_portile2 (~> 2.1.0)
    polyglot (0.3.5)
    public_suffix (2.0.4)
    rack (1.4.7)
    rack-cache (1.6.1)
      rack (>= 0.4)
    rack-ssl (1.3.4)
      rack
    rack-test (0.6.3)
      rack (>= 1.0)
    rails (3.2.13)
      actionmailer (= 3.2.13)
      actionpack (= 3.2.13)
      activerecord (= 3.2.13)
      activeresource (= 3.2.13)
      activesupport (= 3.2.13)
      bundler (~> 1.0)
      railties (= 3.2.13)
    railties (3.2.13)
      actionpack (= 3.2.13)
      activesupport (= 3.2.13)
      rack-ssl (~> 1.3.2)
      rake (>= 0.8.7)
      rdoc (~> 3.4)
      thor (>= 0.14.6, < 2.0)
    rake (11.3.0)
    rb-fsevent (0.9.8)
    rb-inotify (0.9.7)
      ffi (>= 0.5.0)
    rdoc (3.12.2)
      json (~> 1.4)
    rspec-collection_matchers (1.1.2)
      rspec-expectations (>= 2.99.0.beta1)
    rspec-core (2.99.2)
    rspec-expectations (2.99.2)
      diff-lcs (>= 1.1.3, < 2.0)
    rspec-mocks (2.99.4)
    rspec-rails (2.99.0)
      actionpack (>= 3.0)
      activemodel (>= 3.0)
      activesupport (>= 3.0)
      railties (>= 3.0)
      rspec-collection_matchers
      rspec-core (~> 2.99.0)
      rspec-expectations (~> 2.99.0)
      rspec-mocks (~> 2.99.0)
    sass (3.4.22)
    sass-rails (3.2.3)
      railties (~> 3.2.0.beta)
      sass (>= 3.1.10)
      tilt (~> 1.3)
    sprockets (2.2.3)
      hike (~> 1.2)
      multi_json (~> 1.0)
      rack (~> 1.0)
      tilt (~> 1.1, != 1.3.0)
    sqlite3 (1.3.12)
    systemu (2.6.5)
    thor (0.19.4)
    tilt (1.4.1)
    treetop (1.4.15)
      polyglot
      polyglot (>= 0.3.1)
    tzinfo (0.3.52)
    uuid (2.3.8)
      macaddr (~> 1.0)
    xml-simple (1.1.5)
    xpath (2.0.0)
      nokogiri (~> 1.3)

PLATFORMS
  ruby

DEPENDENCIES
  actionpack
  activerecord
  capybara
  coffee-rails (~> 3.2.1)
  combustion (~> 0.3.3)
  compass-rails
  jquery-ui-rails
  rails
  rspec-rails (~> 2.14, >= 2.14.2)
  s3_multipart!
  sass-rails (~> 3.2.3)
  sprockets
  sqlite3

BUNDLED WITH
   1.12.5
